GEM
  remote: http://rubygems.org/
  specs:
    activesupport (3.2.18)
      i18n (~> 0.6, >= 0.6.4)
      multi_json (~> 1.0)
    coderay (0.9.3)
    compass (0.10.4)
      haml (>= 3.0.4)
    cri (1.0.1)
    fssm (0.1.4)
    git (1.2.5)
    haml (3.0.16)
    hpricot (0.8.1)
    i18n (0.6.9)
    mime-types (1.16)
    multi_json (1.10.1)
    nanoc (3.1.4)
      nanoc3 (>= 3.1.4)
    nanoc3 (3.1.4)
      cri (>= 1.0.0)
    nokogiri (1.4.3.1)
    rack (1.5.2)
    rack-test (0.6.2)
      rack (>= 1.0)
    rake (0.9.2.2)
    rdiscount (1.6.5)
    rubypants (0.2.0)
    serve (1.5.2)
      activesupport (~> 3.2.12)
      i18n
      rack (~> 1.5.2)
      rack-test (~> 0.6.2)
      tilt (~> 1.3.3)
      tzinfo
    thread_safe (0.3.4)
    tilt (1.3.7)
    tzinfo (1.2.1)
      thread_safe (~> 0.1)

PLATFORMS
  ruby

DEPENDENCIES
  coderay
  compass
  fssm
  git
  hpricot
  mime-types
  nanoc
  nokogiri
  rack
  rake
  rdiscount
  rubypants
  serve
