GEM
  remote: http://rubygems.org/
  specs:
    activesupport (2.3.8)
    coderay (0.9.3)
    compass (0.10.4)
      haml (>= 3.0.4)
    cri (1.0.1)
    fssm (0.1.4)
    gem_plugin (0.2.3)
    git (1.2.5)
    haml (3.0.16)
    hpricot (0.8.1)
    mime-types (1.16)
    mongrel (1.1.6)
      gem_plugin (>= 0.2.3)
    nanoc (3.1.4)
      nanoc3 (>= 3.1.4)
    nanoc3 (3.1.4)
      cri (>= 1.0.0)
    nokogiri (1.4.3.1)
    rack (1.2.1)
    rake (0.9.2.2)
    rdiscount (1.6.5)
    rubypants (0.2.0)
    serve (0.11.7)
      activesupport (>= 2.3.5)
      rack (>= 1.2.1)

PLATFORMS
  ruby

DEPENDENCIES
  coderay
  compass
  fssm
  git
  hpricot
  mime-types
  mongrel
  nanoc
  nokogiri
  rack
  rake
  rdiscount
  rubypants
  serve
